GEM
  remote: https://rubygems.org/
  specs:
    archive-tar-minitar (0.5.2)
    backports (3.3.5)
    commander (4.1.5)
      highline (~> 1.6.11)
    haml (4.0.4)
      tilt
    highline (1.6.20)
    httpclient (2.3.4.1)
    kgio (2.8.1)
    moped (1.5.1)
    multi_json (1.8.2)
    net-ssh (2.7.0)
    net-ssh-gateway (1.2.0)
      net-ssh (>= 2.6.5)
    net-ssh-multi (1.2.0)
      net-ssh (>= 2.6.5)
      net-ssh-gateway (>= 1.2.0)
    open4 (1.3.0)
    rack (1.5.2)
    rack-protection (1.5.1)
      rack
    rack-test (0.6.2)
      rack (>= 1.0)
    raindrops (0.12.0)
    rhc (1.16.9)
      archive-tar-minitar
      commander (>= 4.0)
      highline (~> 1.6.11)
      httpclient (>= 2.2)
      net-ssh (>= 2.0.11)
      net-ssh-multi (>= 1.2.0)
      open4
    sinatra (1.4.4)
      rack (~> 1.4)
      rack-protection (~> 1.4)
      tilt (~> 1.3, >= 1.3.4)
    sinatra-contrib (1.4.1)
      backports (>= 2.0)
      multi_json
      rack-protection
      rack-test
      sinatra (~> 1.4.0)
      tilt (~> 1.3)
    tilt (1.4.1)
    unicorn (4.7.0)
      kgio (~> 2.6)
      rack
      raindrops (~> 0.7)

PLATFORMS
  ruby

DEPENDENCIES
  haml
  moped
  rhc
  sinatra
  sinatra-contrib
  unicorn
